FRAMEWORK: NET45
NUGET
  remote: http://api.nuget.org/v3/index.json
    Microsoft.CodeAnalysis (1.1)
      Microsoft.CodeAnalysis.CSharp.Workspaces (1.1)
      Microsoft.CodeAnalysis.VisualBasic.Workspaces (1.1)
    Microsoft.CodeAnalysis.Analyzers (1.1)
    Microsoft.CodeAnalysis.Common (1.1)
      Microsoft.CodeAnalysis.Analyzers (>= 1.0 < 1.2)
      System.Collections.Immutable (>= 1.1.37)
      System.Reflection.Metadata (>= 1.1)
    Microsoft.CodeAnalysis.CSharp (1.1)
      Microsoft.CodeAnalysis.Common (1.1)
    Microsoft.CodeAnalysis.CSharp.Workspaces (1.1)
      Microsoft.CodeAnalysis.CSharp (1.1)
      Microsoft.CodeAnalysis.Workspaces.Common (1.1)
    Microsoft.CodeAnalysis.VisualBasic (1.1)
      Microsoft.CodeAnalysis.Common (>= 1.1)
    Microsoft.CodeAnalysis.VisualBasic.Workspaces (1.1)
      Microsoft.CodeAnalysis.VisualBasic (1.1)
      Microsoft.CodeAnalysis.Workspaces.Common (1.1)
    Microsoft.CodeAnalysis.Workspaces.Common (1.1)
      Microsoft.CodeAnalysis.Common (1.1)
      Microsoft.Composition (1.0.27)
    Microsoft.Composition (1.0.27)
    NUnit (3.6)
    System.Collections.Immutable (1.1.37)
    System.Reflection.Metadata (1.1)
      System.Collections.Immutable (>= 1.1.37)
